GEM
  remote: https://rubygems.org/
  specs:
    activemodel (6.1.7.10)
      activesupport (= 6.1.7.10)
    activerecord (6.1.7.10)
      activemodel (= 6.1.7.10)
      activesupport (= 6.1.7.10)
    activesupport (6.1.7.10)
      concurrent-ruby (~> 1.0, >= 1.0.2)
      i18n (>= 1.6, < 2)
      minitest (>= 5.1)
      tzinfo (~> 2.0)
      zeitwerk (~> 2.3)
    concurrent-ruby (1.3.5)
    diff-lcs (1.6.1)
    dotenv (2.8.1)
    i18n (1.14.7)
      concurrent-ruby (~> 1.0)
    minitest (5.25.4)
    pg (1.5.9)
    rack (3.1.12)
    rake (13.2.1)
    rspec (3.13.0)
      rspec-core (~> 3.13.0)
      rspec-expectations (~> 3.13.0)
      rspec-mocks (~> 3.13.0)
    rspec-core (3.13.3)
      rspec-support (~> 3.13.0)
    rspec-expectations (3.13.3)
      diff-lcs (>= 1.2.0, < 2.0)
      rspec-support (~> 3.13.0)
    rspec-mocks (3.13.2)
      diff-lcs (>= 1.2.0, < 2.0)
      rspec-support (~> 3.13.0)
    rspec-support (3.13.2)
    tzinfo (2.0.6)
      concurrent-ruby (~> 1.0)
    webrick (1.9.1)
    zeitwerk (2.6.18)

PLATFORMS
  arm64-darwin-23

DEPENDENCIES
  activerecord
  activesupport
  dotenv
  pg
  rack
  rake
  rspec
  webrick

BUNDLED WITH
   2.4.6
